GEM
  remote: https://rubygems.org/
  specs:
    chunky_png (1.3.4)
    gosu (0.10.1.2-x86-mingw32)
    oily_png (1.2.0)
      chunky_png (~> 1.3.1)
    opengl (0.9.2-x86-mingw32)

PLATFORMS
  x86-mingw32

DEPENDENCIES
  gosu
  oily_png
  opengl

BUNDLED WITH
   1.10.6
